PATH
  remote: .
  specs:
    ruboty-elb (0.1.0)
      aws-sdk
      ruboty

GEM
  remote: https://rubygems.org/
  specs:
    activesupport (4.2.6)
      i18n (~> 0.7)
      json (~> 1.7, >= 1.7.7)
      minitest (~> 5.1)
      thread_safe (~> 0.3, >= 0.3.4)
      tzinfo (~> 1.1)
    aws-sdk (2.2.28)
      aws-sdk-resources (= 2.2.28)
    aws-sdk-core (2.2.28)
      jmespath (~> 1.0)
    aws-sdk-resources (2.2.28)
      aws-sdk-core (= 2.2.28)
    dotenv (2.1.0)
    i18n (0.7.0)
    jmespath (1.1.3)
    json (1.8.3)
    mem (0.1.5)
    minitest (5.8.4)
    rake (10.5.0)
    ruboty (1.2.2)
      activesupport
      bundler
      dotenv
      mem
      slop
    slop (4.3.0)
    thread_safe (0.3.5)
    tzinfo (1.2.2)
      thread_safe (~> 0.1)

PLATFORMS
  ruby

DEPENDENCIES
  bundler (~> 1.10)
  rake (~> 10.0)
  ruboty-elb!

BUNDLED WITH
   1.10.6
